PATH
  remote: .
  specs:
    rdmapper (0.0.1)

GEM
  remote: https://rubygems.org/
  specs:
    byebug (9.1.0)
    diff-lcs (1.3)
    rake (12.1.0)
    rspec (3.6.0)
      rspec-core (~> 3.6.0)
      rspec-expectations (~> 3.6.0)
      rspec-mocks (~> 3.6.0)
    rspec-core (3.6.0)
      rspec-support (~> 3.6.0)
    rspec-expectations (3.6.0)
      diff-lcs (>= 1.2.0, < 2.0)
      rspec-support (~> 3.6.0)
    rspec-mocks (3.6.0)
      diff-lcs (>= 1.2.0, < 2.0)
      rspec-support (~> 3.6.0)
    rspec-support (3.6.0)
    sequel (5.1.0)
    sqlite3 (1.3.13)

PLATFORMS
  ruby

DEPENDENCIES
  bundler (~> 1.3)
  byebug
  rake
  rdmapper!
  rspec
  sequel
  sqlite3

BUNDLED WITH
   1.13.1
